GEM
  remote: https://rubygems.org/
  specs:
    awesome_print (1.6.1)
    qtbindings (4.8.6.0)

PLATFORMS
  ruby

DEPENDENCIES
  awesome_print
  qtbindings (~> 4.8.6.0)
